GEM
  remote: https://rubygems.org/
  specs:
    activesupport (7.1.2)
      base64
      bigdecimal
      concurrent-ruby (~> 1.0, >= 1.0.2)
      connection_pool (>= 2.2.5)
      drb
      i18n (>= 1.6, < 2)
      minitest (>= 5.1)
      mutex_m
      tzinfo (~> 2.0)
    addressable (2.8.4)
      public_suffix (>= 2.0.2, < 6.0)
    ast (2.4.2)
    base64 (0.2.0)
    bigdecimal (3.1.4)
    bindata (2.5.0)
    bootsnap (1.16.0)
      msgpack (~> 1.2)
    byebug (11.1.3)
    coderay (1.1.3)
    colorize (0.8.1)
    concurrent-ruby (1.1.10)
    connection_pool (2.4.0)
    diff-lcs (1.5.1)
    docile (1.4.0)
    domain_name (0.6.20240107)
    drb (2.2.1)
    elftools (1.3.0)
      bindata (~> 2)
    hpricot (0.8.6)
    http-cookie (1.0.7)
      domain_name (~> 0.5)
    i18n (1.14.1)
      concurrent-ruby (~> 1.0)
    json (2.6.3)
    logger (1.6.1)
    mechanize (2.9.1)
      addressable (~> 2.8)
      domain_name (~> 0.5, >= 0.5.20190701)
      http-cookie (~> 1.0, >= 1.0.3)
      mime-types (~> 3.0)
      net-http-digest_auth (~> 1.4, >= 1.4.1)
      net-http-persistent (>= 2.5.2, < 5.0.dev)
      nokogiri (~> 1.11, >= 1.11.2)
      rubyntlm (~> 0.6, >= 0.6.3)
      webrick (~> 1.7)
      webrobots (~> 0.1.2)
    method_source (1.0.0)
    mime-types (3.6.0)
      logger
      mime-types-data (~> 3.2015)
    mime-types-data (3.2024.1001)
    mini_portile2 (2.8.6)
    minitest (5.18.0)
    msgpack (1.6.0)
    mustache (1.1.1)
    mutex_m (0.2.0)
    net-http-digest_auth (1.4.1)
    net-http-persistent (4.0.2)
      connection_pool (~> 2.2)
    nokogiri (1.16.5)
      mini_portile2 (~> 2.8.2)
      racc (~> 1.4)
    parallel (1.24.0)
    parallel_tests (4.2.0)
      parallel
    parser (3.2.2.4)
      ast (~> 2.4.1)
      racc
    patchelf (1.5.0)
      elftools (>= 1.3)
    plist (3.6.0)
    pry (0.14.2)
      coderay (~> 1.1)
      method_source (~> 1.0)
    public_suffix (5.0.1)
    racc (1.7.3)
    rack (3.1.3)
    rainbow (3.1.1)
    rbi (0.0.5)
      ast
      parser
      sorbet-runtime
      unparser
    rdiscount (2.2.7.3)
    regexp_parser (2.9.1)
    rexml (3.3.8)
    ronn (0.7.3)
      hpricot (>= 0.8.2)
      mustache (>= 0.7.0)
      rdiscount (>= 1.5.8)
    rspec (3.12.0)
      rspec-core (~> 3.12.0)
      rspec-expectations (~> 3.12.0)
      rspec-mocks (~> 3.12.0)
    rspec-core (3.12.2)
      rspec-support (~> 3.12.0)
    rspec-expectations (3.12.4)
      diff-lcs (>= 1.2.0, < 2.0)
      rspec-support (~> 3.12.0)
    rspec-github (2.4.0)
      rspec-core (~> 3.0)
    rspec-its (1.3.0)
      rspec-core (>= 3.0.0)
      rspec-expectations (>= 3.0.0)
    rspec-mocks (3.12.5)
      diff-lcs (>= 1.2.0, < 2.0)
      rspec-support (~> 3.12.0)
    rspec-retry (0.6.2)
      rspec-core (> 3.3)
    rspec-sorbet (1.9.2)
      sorbet-runtime
    rspec-support (3.12.2)
    rspec-wait (0.0.9)
      rspec (>= 3, < 4)
    rubocop (1.36.0)
      json (~> 2.3)
      parallel (~> 1.10)
      parser (>= 3.1.2.1)
      rainbow (>= 2.2.2, < 4.0)
      regexp_parser (>= 1.8, < 3.0)
      rexml (>= 3.2.5, < 4.0)
      rubocop-ast (>= 1.20.1, < 2.0)
      ruby-progressbar (~> 1.7)
      unicode-display_width (>= 1.4.0, < 3.0)
    rubocop-ast (1.21.0)
      parser (>= 3.1.1.0)
    rubocop-performance (1.17.1)
      rubocop (>= 1.7.0, < 2.0)
      rubocop-ast (>= 0.4.0)
    rubocop-rails (2.22.1)
      activesupport (>= 4.2.0)
      rack (>= 1.1)
      rubocop (>= 1.33.0, < 2.0)
    rubocop-rspec (2.17.1)
      rubocop (~> 1.33)
    rubocop-sorbet (0.7.0)
      rubocop (>= 0.90.0)
    ruby-macho (3.0.0)
    ruby-progressbar (1.13.0)
    rubyntlm (0.6.3)
    simplecov (0.22.0)
      docile (~> 1.1)
      simplecov-html (~> 0.11)
      simplecov_json_formatter (~> 0.1)
    simplecov-cobertura (2.1.0)
      rexml
      simplecov (~> 0.19)
    simplecov-html (0.12.3)
    simplecov_json_formatter (0.1.4)
    sorbet (0.5.11549)
      sorbet-static (= 0.5.11549)
    sorbet-runtime (0.5.6274)
    sorbet-runtime-stub (0.2.0)
    sorbet-static (0.5.11549-aarch64-linux)
    spoom (1.1.3)
      colorize
      sorbet (>= 0.5.6347)
      sorbet-runtime
      thor (>= 0.19.2)
    tapioca (0.5.4)
      bundler (>= 1.17.3)
      pry (>= 0.12.2)
      rbi
      sorbet-runtime
      sorbet-static (>= 0.5.6200)
      spoom
      thor (>= 0.19.2)
      yard-sorbet
    thor (1.3.1)
    tzinfo (2.0.6)
      concurrent-ruby (~> 1.0)
    unicode-display_width (2.5.0)
    unparser (0.6.5)
      diff-lcs (~> 1.3)
      parser (>= 3.1.0)
    warning (1.3.0)
    webrick (1.8.1)
    webrobots (0.1.2)
    yard (0.9.36)
    yard-sorbet (0.7.0)
      sorbet-runtime (>= 0.5)
      yard (>= 0.9)

PLATFORMS
  ruby

DEPENDENCIES
  activesupport
  bootsnap
  byebug
  concurrent-ruby
  mechanize
  minitest
  nokogiri
  parallel_tests
  patchelf
  plist
  ronn
  rspec
  rspec-github
  rspec-its
  rspec-retry
  rspec-sorbet
  rspec-wait
  rubocop
  rubocop-ast
  rubocop-performance
  rubocop-rails
  rubocop-rspec
  rubocop-sorbet
  ruby-macho
  simplecov
  simplecov-cobertura
  sorbet
  sorbet-runtime
  sorbet-runtime-stub
  tapioca
  warning

BUNDLED WITH
   1.17.3
